GEM
  remote: https://rubygems.org/
  specs:
    ast (2.4.2)
    byebug (11.1.3)
    bzip2-ffi (1.1.1)
      ffi (~> 1.0)
    coderay (1.1.3)
    crass (1.0.6)
    diff-lcs (1.5.1)
    docile (1.4.1)
    faraday (2.12.0)
      faraday-net_http (>= 2.0, < 3.4)
      json
      logger
    faraday-net_http (3.3.0)
      net-http
    feedjira (3.2.3)
      loofah (>= 2.3.1, < 3)
      sax-machine (>= 1.0, < 2)
    ffi (1.17.0)
    json (2.7.2)
    json-stream (1.0.0)
    json-streamer (2.1.0)
      json-stream
    logger (1.6.1)
    loofah (2.23.1)
      crass (~> 1.0.2)
      nokogiri (>= 1.12.0)
    method_source (1.1.0)
    net-http (0.4.1)
      uri
    nokogiri (1.16.7-x86_64-linux)
      racc (~> 1.4)
    parallel (1.20.1)
    parser (3.3.3.0)
      ast (~> 2.4.1)
      racc
    power_assert (2.0.3)
    pry (0.14.2)
      coderay (~> 1.1)
      method_source (~> 1.0)
    racc (1.8.0)
    rainbow (3.1.1)
    regexp_parser (2.9.2)
    rexml (3.3.9)
    rspec (3.13.0)
      rspec-core (~> 3.13.0)
      rspec-expectations (~> 3.13.0)
      rspec-mocks (~> 3.13.0)
    rspec-collection_matchers (1.2.1)
      rspec-expectations (>= 2.99.0.beta1)
    rspec-core (3.13.2)
      rspec-support (~> 3.13.0)
    rspec-expectations (3.13.3)
      diff-lcs (>= 1.2.0, < 2.0)
      rspec-support (~> 3.13.0)
    rspec-mocks (3.13.2)
      diff-lcs (>= 1.2.0, < 2.0)
      rspec-support (~> 3.13.0)
    rspec-support (3.13.1)
    rubocop (1.51.0)
      json (~> 2.3)
      parallel (~> 1.10)
      parser (>= 3.2.0.0)
      rainbow (>= 2.2.2, < 4.0)
      regexp_parser (>= 1.8, < 3.0)
      rexml (>= 3.2.5, < 4.0)
      rubocop-ast (>= 1.28.0, < 2.0)
      ruby-progressbar (~> 1.7)
      unicode-display_width (>= 2.4.0, < 3.0)
    rubocop-ast (1.31.3)
      parser (>= 3.3.1.0)
    rubocop-rspec (3.0.0)
      rubocop (~> 1.40)
    ruby-debian (0.3.8)
    ruby-progressbar (1.13.0)
    ruby-xz (1.0.3)
    sax-machine (1.3.2)
    simplecov (0.22.0)
      docile (~> 1.1)
      simplecov-html (~> 0.11)
      simplecov_json_formatter (~> 0.1)
    simplecov-html (0.13.1)
    simplecov-lcov (0.8.0)
    simplecov_json_formatter (0.1.4)
    test-unit (3.6.2)
      power_assert
    unicode-display_width (2.5.0)
    uri (0.13.1)

PLATFORMS
  x86_64-linux

DEPENDENCIES
  byebug (~> 11.1)
  bzip2-ffi (~> 1.0)
  faraday (~> 2.12)
  feedjira (~> 3.2)
  json-streamer (~> 2.1)
  parallel (~> 1.20, < 1.21)
  pry (~> 0.14.2)
  rspec (~> 3.13)
  rspec-collection_matchers (~> 1.2)
  rubocop (~> 1.51.0)
  rubocop-rspec (~> 3.0)
  ruby-debian (~> 0.3.8)
  ruby-xz (~> 1.0)
  simplecov (~> 0.22.0)
  simplecov-lcov (~> 0.8.0)
  test-unit (~> 3.5)

BUNDLED WITH
   2.5.9
