GEM
  remote: https://rubygems.org/
  specs:
    ast (2.4.2)
    byebug (11.1.3)
    bzip2-ffi (1.1.1)
      ffi (~> 1.0)
    ffi (1.17.0-x86_64-linux-gnu)
    json (2.7.2)
    parallel (1.20.1)
    parser (3.3.3.0)
      ast (~> 2.4.1)
      racc
    power_assert (2.0.3)
    racc (1.8.0)
    rainbow (3.1.1)
    regexp_parser (2.9.2)
    rexml (3.3.1)
      strscan
    rubocop (1.51.0)
      json (~> 2.3)
      parallel (~> 1.10)
      parser (>= 3.2.0.0)
      rainbow (>= 2.2.2, < 4.0)
      regexp_parser (>= 1.8, < 3.0)
      rexml (>= 3.2.5, < 4.0)
      rubocop-ast (>= 1.28.0, < 2.0)
      ruby-progressbar (~> 1.7)
      unicode-display_width (>= 2.4.0, < 3.0)
    rubocop-ast (1.31.3)
      parser (>= 3.3.1.0)
    ruby-debian (0.3.8)
    ruby-progressbar (1.13.0)
    ruby-xz (1.0.3)
    strscan (3.1.0)
    test-unit (3.6.2)
      power_assert
    unicode-display_width (2.5.0)

PLATFORMS
  x86_64-linux

DEPENDENCIES
  byebug (~> 11.1)
  bzip2-ffi (~> 1.0)
  parallel (~> 1.20, < 1.21)
  rubocop (~> 1.51.0)
  ruby-debian (~> 0.3.8)
  ruby-xz (~> 1.0)
  test-unit (~> 3.5)

BUNDLED WITH
   2.5.9
