GEM
  remote: https://rubygems.org/
  specs:
    ast (2.4.0)
    bzip2-ffi (1.0.0)
      ffi (~> 1.0)
    ffi (1.9.25)
    jaro_winkler (1.5.1)
    parallel (1.12.1)
    parser (2.5.3.0)
      ast (~> 2.4.0)
    power_assert (1.1.3)
    powerpack (0.1.2)
    rainbow (3.0.0)
    rubocop (0.61.0)
      jaro_winkler (~> 1.5.1)
      parallel (~> 1.10)
      parser (>= 2.5, != 2.5.1.1)
      powerpack (~> 0.1)
      rainbow (>= 2.2.2, < 4.0)
      ruby-progressbar (~> 1.7)
      unicode-display_width (~> 1.4.0)
    ruby-debian (0.3.8)
    ruby-progressbar (1.10.0)
    ruby-xz (1.0.0)
    test-unit (3.2.8)
      power_assert
    unicode-display_width (1.4.0)

PLATFORMS
  ruby

DEPENDENCIES
  bzip2-ffi (~> 1.0)
  rubocop (~> 0.61.0)
  ruby-debian (~> 0.3.8)
  ruby-xz (~> 1.0)
  test-unit (~> 3.2)

BUNDLED WITH
   1.16.1
