GEM
  remote: https://rubygems.org/
  specs:
    ast (2.4.2)
    byebug (11.1.3)
    bzip2-ffi (1.1.0)
      ffi (~> 1.0)
    ffi (1.15.4)
    jaro_winkler (1.5.4)
    parallel (1.20.1)
    parser (3.0.2.0)
      ast (~> 2.4.1)
    power_assert (2.0.1)
    powerpack (0.1.3)
    rainbow (3.0.0)
    rubocop (0.61.1)
      jaro_winkler (~> 1.5.1)
      parallel (~> 1.10)
      parser (>= 2.5, != 2.5.1.1)
      powerpack (~> 0.1)
      rainbow (>= 2.2.2, < 4.0)
      ruby-progressbar (~> 1.7)
      unicode-display_width (~> 1.4.0)
    ruby-debian (0.3.8)
    ruby-progressbar (1.11.0)
    ruby-xz (1.0.0)
    test-unit (3.5.1)
      power_assert
    unicode-display_width (1.4.1)

PLATFORMS
  ruby

DEPENDENCIES
  byebug (~> 11.1)
  bzip2-ffi (~> 1.0)
  parallel (~> 1.20, < 1.21)
  rubocop (~> 0.61.0)
  ruby-debian (~> 0.3.8)
  ruby-xz (~> 1.0)
  test-unit (~> 3.2)

BUNDLED WITH
   1.17.3
